GEM
  remote: http://rubygems.org/
  specs:
    git (1.2.5)
    jeweler (1.5.2)
      bundler (~> 1.0.0)
      git (>= 1.2.5)
      rake
    mocha (0.9.8)
      rake
    rake (0.8.7)
    rspec (1.3.0)
    yajl-ruby (0.7.8)

PLATFORMS
  ruby

DEPENDENCIES
  jeweler
  mocha (= 0.9.8)
  rake
  rspec (= 1.3.0)
  yajl-ruby
