GEM
  remote: http://rubygems.org/
  specs:
    mocha (0.9.8)
      rake
    rake (0.8.7)
    rspec (1.3.0)
    yajl-ruby (0.7.8)

PLATFORMS
  ruby

DEPENDENCIES
  mocha (= 0.9.8)
  rake
  rspec (= 1.3.0)
  yajl-ruby
